{
    "TaskName": "PAL1",
    "Manufacturer": "n/a",
    "PowerLineFrequency": 60.0,
    "SamplingFrequency": 1024.0,
    "SoftwareFilters": "n/a",
    "RecordingDuration": 2693.490234375,
    "RecordingType": "continuous",
    "iEEGReference": "monopolar",
    "ECOGChannelCount": 74,
    "SEEGChannelCount": 52,
    "EEGChannelCount": 0,
    "EOGChannelCount": 0,
    "ECGChannelCount": 0,
    "EMGChannelCount": 0,
    "MiscChannelCount": 0,
    "TriggerChannelCount": 0,
    "TaskDescription": "cued recall of paired associates",
    "HardwareFilters": "n/a"
}
