{
    "TaskName": "PAL1",
    "Manufacturer": "n/a",
    "PowerLineFrequency": 60.0,
    "SamplingFrequency": 500.0,
    "SoftwareFilters": "n/a",
    "RecordingDuration": 3596.18,
    "RecordingType": "continuous",
    "iEEGReference": "monopolar",
    "ECOGChannelCount": 128,
    "SEEGChannelCount": 0,
    "EEGChannelCount": 0,
    "EOGChannelCount": 0,
    "ECGChannelCount": 0,
    "EMGChannelCount": 0,
    "MiscChannelCount": 0,
    "TriggerChannelCount": 0,
    "TaskDescription": "cued recall of paired associates",
    "HardwareFilters": "n/a"
}
